GEM
  remote: https://rubygems.org/
  specs:
    celluloid (0.16.0)
      timers (~> 4.0.0)
    coderay (1.1.0)
    diff-lcs (1.2.5)
    fabrication (2.11.3)
    faker (1.4.3)
      i18n (~> 0.5)
    ffi (1.9.3)
    ffi (1.9.3-java)
    formatador (0.2.5)
    guard (2.6.1)
      formatador (>= 0.2.4)
      listen (~> 2.7)
      lumberjack (~> 1.0)
      pry (>= 0.9.12)
      thor (>= 0.18.1)
    guard-rspec (4.3.1)
      guard (~> 2.1)
      rspec (>= 2.14, < 4.0)
    hitimes (1.2.2)
    hitimes (1.2.2-java)
    hold (1.0.1)
      sequel (~> 3)
      thin_models (~> 0.1.4)
      wirer (>= 0.4.0)
    http_router (0.11.1)
      rack (>= 1.0.0)
      url_mount (~> 0.2.1)
    i18n (0.6.11)
    jdbc-sqlite3 (3.7.2.1)
    listen (2.7.9)
      celluloid (>= 0.15.2)
      rb-fsevent (>= 0.9.3)
      rb-inotify (>= 0.9)
    lotus-router (0.1.1)
      http_router (~> 0)
      lotus-utils (~> 0)
    lotus-utils (0.2.0)
    lumberjack (1.0.9)
    method_source (0.8.2)
    pry (0.10.1)
      coderay (~> 1.1.0)
      method_source (~> 0.8.1)
      slop (~> 3.4)
    pry (0.10.1-java)
      coderay (~> 1.1.0)
      method_source (~> 0.8.1)
      slop (~> 3.4)
      spoon (~> 0.0)
    rack (1.5.2)
    rb-fsevent (0.9.4)
    rb-inotify (0.9.5)
      ffi (>= 0.5.0)
    require_all (1.3.2)
    rspec (3.0.0)
      rspec-core (~> 3.0.0)
      rspec-expectations (~> 3.0.0)
      rspec-mocks (~> 3.0.0)
    rspec-core (3.0.4)
      rspec-support (~> 3.0.0)
    rspec-expectations (3.0.4)
      diff-lcs (>= 1.2.0, < 2.0)
      rspec-support (~> 3.0.0)
    rspec-mocks (3.0.4)
      rspec-support (~> 3.0.0)
    rspec-support (3.0.4)
    sequel (3.48.0)
    shotgun (0.9)
      rack (>= 1.0)
    slop (3.6.0)
    spoon (0.0.4)
      ffi
    sqlite3 (1.3.9)
    thin_models (0.1.4)
    thor (0.19.1)
    timers (4.0.0)
      hitimes
    torqbox (0.1.7-java)
      rack (>= 1.4.0, < 2.0)
    url_mount (0.2.1)
      rack
    wirer (0.5.1)

PLATFORMS
  java
  ruby

DEPENDENCIES
  fabrication
  faker
  guard
  guard-rspec
  hold
  jdbc-sqlite3
  lotus-router
  pry
  require_all
  rspec
  rspec-mocks
  shotgun
  sqlite3
  torqbox
